GEM
  remote: https://rubygems.org/
  specs:
    autoprefixer-rails (5.1.11)
      execjs
      json
    backports (3.6.4)
    bootstrap-sass (3.3.4.1)
      autoprefixer-rails (>= 5.0.0.1)
      sass (>= 3.2.19)
    cache_local (0.0.1)
    childprocess (0.5.6)
      ffi (~> 1.0, >= 1.0.11)
    chunky_png (1.3.4)
    coffee-script (2.4.1)
      coffee-script-source
      execjs
    coffee-script-source (1.9.1.1)
    compass (1.0.3)
      chunky_png (~> 1.2)
      compass-core (~> 1.0.2)
      compass-import-once (~> 1.0.5)
      rb-fsevent (>= 0.9.3)
      rb-inotify (>= 0.9)
      sass (>= 3.3.13, < 3.5)
    compass-core (1.0.3)
      multi_json (~> 1.0)
      sass (>= 3.3.0, < 3.5)
    compass-import-once (1.0.5)
      sass (>= 3.2, < 3.5)
    domain_name (0.5.24)
      unf (>= 0.0.5, < 1.0.0)
    execjs (2.5.2)
    ffi (1.9.8)
    headless (2.1.0)
    http-cookie (1.0.2)
      domain_name (~> 0.5)
    json (1.8.2)
    mechanize (2.7.3)
      domain_name (~> 0.5, >= 0.5.1)
      http-cookie (~> 1.0)
      mime-types (~> 2.0)
      net-http-digest_auth (~> 1.1, >= 1.1.1)
      net-http-persistent (~> 2.5, >= 2.5.2)
      nokogiri (~> 1.4)
      ntlm-http (~> 0.1, >= 0.1.1)
      webrobots (>= 0.0.9, < 0.2)
    mime-types (2.5)
    mini_portile (0.6.2)
    multi_json (1.11.0)
    net-http-digest_auth (1.4)
    net-http-persistent (2.9.4)
    nokogiri (1.6.6.2)
      mini_portile (~> 0.6.0)
    ntlm-http (0.1.1)
    rack (1.6.1)
    rack-protection (1.5.3)
      rack
    rack-test (0.6.3)
      rack (>= 1.0)
    rb-fsevent (0.9.4)
    rb-inotify (0.9.5)
      ffi (>= 0.5.0)
    rubyzip (1.1.7)
    sass (3.4.13)
    selenium-webdriver (2.45.0)
      childprocess (~> 0.5)
      multi_json (~> 1.0)
      rubyzip (~> 1.0)
      websocket (~> 1.0)
    sinatra (1.4.6)
      rack (~> 1.4)
      rack-protection (~> 1.4)
      tilt (>= 1.3, < 3)
    sinatra-contrib (1.4.2)
      backports (>= 2.0)
      multi_json
      rack-protection
      rack-test
      sinatra (~> 1.4.0)
      tilt (~> 1.3)
    slim (3.0.3)
      temple (~> 0.7.3)
      tilt (>= 1.3.3, < 2.1)
    temple (0.7.5)
    tilt (1.4.1)
    unf (0.1.4)
      unf_ext
    unf_ext (0.0.7.1)
    webrobots (0.1.1)
    websocket (1.2.2)

PLATFORMS
  ruby

DEPENDENCIES
  bootstrap-sass
  cache_local
  coffee-script
  compass
  headless
  mechanize
  sass
  selenium-webdriver
  sinatra
  sinatra-contrib
  slim
